GEM
  remote: https://rubygems.org/
  specs:
    actionmailer (4.2.5.1)
      actionpack (= 4.2.5.1)
      actionview (= 4.2.5.1)
      activejob (= 4.2.5.1)
      mail (~> 2.5, >= 2.5.4)
      rails-dom-testing (~> 1.0, >= 1.0.5)
    actionpack (4.2.5.1)
      actionview (= 4.2.5.1)
      activesupport (= 4.2.5.1)
      rack (~> 1.6)
      rack-test (~> 0.6.2)
      rails-dom-testing (~> 1.0, >= 1.0.5)
      rails-html-sanitizer (~> 1.0, >= 1.0.2)
    actionview (4.2.5.1)
      activesupport (= 4.2.5.1)
      builder (~> 3.1)
      erubis (~> 2.7.0)
      rails-dom-testing (~> 1.0, >= 1.0.5)
      rails-html-sanitizer (~> 1.0, >= 1.0.2)
    active_model_serializers (0.10.4)
      actionpack (>= 4.1, < 6)
      activemodel (>= 4.1, < 6)
      case_transform (>= 0.2)
      jsonapi (= 0.1.1.beta6)
    activejob (4.2.5.1)
      activesupport (= 4.2.5.1)
      globalid (>= 0.3.0)
    activemodel (4.2.5.1)
      activesupport (= 4.2.5.1)
      builder (~> 3.1)
    activerecord (4.2.5.1)
      activemodel (= 4.2.5.1)
      activesupport (= 4.2.5.1)
      arel (~> 6.0)
    activesupport (4.2.5.1)
      i18n (~> 0.7)
      json (~> 1.7, >= 1.7.7)
      minitest (~> 5.1)
      thread_safe (~> 0.3, >= 0.3.4)
      tzinfo (~> 1.1)
    annotate (2.7.1)
      activerecord (>= 3.2, < 6.0)
      rake (>= 10.4, < 12.0)
    arel (6.0.4)
    awesome_print (1.7.0)
    binding_of_caller (0.7.2)
      debug_inspector (>= 0.0.1)
    builder (3.2.2)
    byebug (9.0.6)
    case_transform (0.2)
      activesupport
    coderay (1.1.1)
    concurrent-ruby (1.0.4)
    database_cleaner (1.5.3)
    debug_inspector (0.0.2)
    diff-lcs (1.2.5)
    dotenv (2.1.1)
    dotenv-rails (2.1.1)
      dotenv (= 2.1.1)
      railties (>= 4.0, < 5.1)
    erubis (2.7.0)
    factory_girl (4.8.0)
      activesupport (>= 3.0.0)
    factory_girl_rails (4.8.0)
      factory_girl (~> 4.8.0)
      railties (>= 3.0.0)
    globalid (0.3.7)
      activesupport (>= 4.1.0)
    hirb (0.7.3)
    i18n (0.7.0)
    json (1.8.3)
    jsonapi (0.1.1.beta6)
      jsonapi-parser (= 0.1.1.beta3)
      jsonapi-renderer (= 0.1.1.beta1)
    jsonapi-parser (0.1.1.beta3)
    jsonapi-renderer (0.1.1.beta1)
    kgio (2.11.0)
    loofah (2.0.3)
      nokogiri (>= 1.5.9)
    mail (2.6.4)
      mime-types (>= 1.16, < 4)
    method_source (0.8.2)
    mime-types (3.1)
      mime-types-data (~> 3.2015)
    mime-types-data (3.2016.0521)
    mini_portile2 (2.1.0)
    minitest (5.10.1)
    nokogiri (1.7.0.1)
      mini_portile2 (~> 2.1.0)
    pg (0.19.0)
    pry (0.10.4)
      coderay (~> 1.1.0)
      method_source (~> 0.8.1)
      slop (~> 3.4)
    pry-rails (0.3.4)
      pry (>= 0.9.10)
    rack (1.6.5)
    rack-cors (0.4.0)
    rack-test (0.6.3)
      rack (>= 1.0)
    rails (4.2.5.1)
      actionmailer (= 4.2.5.1)
      actionpack (= 4.2.5.1)
      actionview (= 4.2.5.1)
      activejob (= 4.2.5.1)
      activemodel (= 4.2.5.1)
      activerecord (= 4.2.5.1)
      activesupport (= 4.2.5.1)
      bundler (>= 1.3.0, < 2.0)
      railties (= 4.2.5.1)
      sprockets-rails
    rails-api (0.4.0)
      actionpack (>= 3.2.11)
      railties (>= 3.2.11)
    rails-deprecated_sanitizer (1.0.3)
      activesupport (>= 4.2.0.alpha)
    rails-dom-testing (1.0.8)
      activesupport (>= 4.2.0.beta, < 5.0)
      nokogiri (~> 1.6)
      rails-deprecated_sanitizer (>= 1.0.1)
    rails-html-sanitizer (1.0.3)
      loofah (~> 2.0)
    railties (4.2.5.1)
      actionpack (= 4.2.5.1)
      activesupport (= 4.2.5.1)
      rake (>= 0.8.7)
      thor (>= 0.18.1, < 2.0)
    raindrops (0.17.0)
    rake (11.3.0)
    rspec-activemodel-mocks (1.0.3)
      activemodel (>= 3.0)
      activesupport (>= 3.0)
      rspec-mocks (>= 2.99, < 4.0)
    rspec-collection_matchers (1.1.3)
      rspec-expectations (>= 2.99.0.beta1)
    rspec-core (3.5.4)
      rspec-support (~> 3.5.0)
    rspec-expectations (3.5.0)
      diff-lcs (>= 1.2.0, < 2.0)
      rspec-support (~> 3.5.0)
    rspec-mocks (3.5.0)
      diff-lcs (>= 1.2.0, < 2.0)
      rspec-support (~> 3.5.0)
    rspec-rails (3.5.2)
      actionpack (>= 3.0)
      activesupport (>= 3.0)
      railties (>= 3.0)
      rspec-core (~> 3.5.0)
      rspec-expectations (~> 3.5.0)
      rspec-mocks (~> 3.5.0)
      rspec-support (~> 3.5.0)
    rspec-support (3.5.0)
    seedbank (0.4.0)
    shoulda-matchers (3.1.1)
      activesupport (>= 4.0.0)
    slop (3.6.0)
    spring (2.0.0)
      activesupport (>= 4.2)
    sprockets (3.7.1)
      concurrent-ruby (~> 1.0)
      rack (> 1, < 3)
    sprockets-rails (3.2.0)
      actionpack (>= 4.0)
      activesupport (>= 4.0)
      sprockets (>= 3.0.0)
    thor (0.19.4)
    thread_safe (0.3.5)
    tzinfo (1.2.2)
      thread_safe (~> 0.1)
    unicorn (5.2.0)
      kgio (~> 2.6)
      raindrops (~> 0.7)
    uniform_notifier (1.10.0)

PLATFORMS
  ruby

DEPENDENCIES
  active_model_serializers
  annotate
  arel
  awesome_print
  binding_of_caller
  bundler
  byebug
  database_cleaner
  dotenv-rails
  factory_girl_rails (~> 4.0)
  hirb
  pg
  pry-rails
  rack-cors
  rails (= 4.2.5.1)
  rails-api
  rspec-activemodel-mocks
  rspec-collection_matchers
  rspec-rails
  seedbank
  shoulda-matchers
  spring
  thor
  unicorn
  uniform_notifier

BUNDLED WITH
   1.13.7
